GEM
  remote: https://rubygems.org/
  specs:
    bowser (0.2.0)
      opal (>= 0.8.0, < 0.11.0)
    clearwater (1.0.0.rc2)
      bowser (~> 0.1)
      opal (~> 0.7)
    concurrent-ruby (1.0.2)
    execjs (2.7.0)
    hike (1.2.3)
    opal (0.10.1)
      hike (~> 1.2)
      sourcemap (~> 0.1.0)
      sprockets (~> 3.1)
      tilt (>= 1.4)
    puma (3.4.0)
    rack (2.0.1)
    roda (2.15.0)
      rack
    roda-opal_assets (0.2.0)
      opal (~> 0.9, < 0.12.0)
      roda
      uglifier (~> 3.0)
    sourcemap (0.1.1)
    sprockets (3.6.3)
      concurrent-ruby (~> 1.0)
      rack (> 1, < 3)
    tilt (2.0.5)
    uglifier (3.0.0)
      execjs (>= 0.3.0, < 3)

PLATFORMS
  ruby

DEPENDENCIES
  clearwater (~> 1.0.0.rc2)
  opal
  puma
  roda
  roda-opal_assets

BUNDLED WITH
   1.12.5
